PATH
  remote: .
  specs:
    rage_flip (0.1.0)

GEM
  remote: https://rubygems.org/
  specs:
    diff-lcs (1.6.2)
    rake (13.3.0)
    rspec (3.13.0)
      rspec-core (~> 3.13.0)
      rspec-expectations (~> 3.13.0)
      rspec-mocks (~> 3.13.0)
    rspec-core (3.13.5)
      rspec-support (~> 3.13.0)
    rspec-expectations (3.13.5)
      diff-lcs (>= 1.2.0, < 2.0)
      rspec-support (~> 3.13.0)
    rspec-mocks (3.13.5)
      diff-lcs (>= 1.2.0, < 2.0)
      rspec-support (~> 3.13.0)
    rspec-support (3.13.5)

PLATFORMS
  arm64-darwin-22
  ruby

DEPENDENCIES
  rage_flip!
  rake
  rspec

BUNDLED WITH
   2.7.1
